GEM
  remote: https://rubygems.org/
  specs:
    yui-compressor (0.12.0)

PLATFORMS
  ruby

DEPENDENCIES
  yui-compressor
